GEM
  remote: https://rubygems.org/
  specs:
    backports (2.6.1)
    daemons (1.1.8)
    eventmachine (0.12.10)
    faraday (0.8.0)
      multipart-post (~> 1.1)
    json (1.6.7)
    multi_json (1.3.5)
    multipart-post (1.1.5)
    oauth2 (0.5.2)
      faraday (~> 0.7)
      multi_json (~> 1.0)
    openplacos (0.0.9)
      json (~> 1.6.5)
      oauth2 (~> 0.5.2)
      ruby-dbus-openplacos (~> 0.7.0)
    rack (1.4.1)
    rack-protection (1.2.0)
      rack
    rack-test (0.6.1)
      rack (>= 1.0)
    ruby-dbus-openplacos (0.7.2.1)
    sinatra (1.3.2)
      rack (~> 1.3, >= 1.3.6)
      rack-protection (~> 1.2)
      tilt (~> 1.3, >= 1.3.3)
    sinatra-contrib (1.3.1)
      backports (>= 2.0)
      eventmachine
      rack-protection
      rack-test
      sinatra (~> 1.3.0)
      tilt (~> 1.3)
    thin (1.3.1)
      daemons (>= 1.0.9)
      eventmachine (>= 0.12.6)
      rack (>= 1.0.0)
    tilt (1.3.3)

PLATFORMS
  ruby

DEPENDENCIES
  openplacos (~> 0.0.9)
  sinatra (~> 1.3.2)
  sinatra-contrib (~> 1.3.1)
  thin (~> 1.3.1)
